GEM
  remote: http://rubygems.org/
  specs:
    hashie (1.2.0)
    httparty (0.10.2)
      multi_json (~> 1.0)
      multi_xml (>= 0.5.2)
    liquid (2.5.0)
    multi_json (1.6.1)
    multi_xml (0.5.3)
    omniauth (1.1.3)
      hashie (~> 1.2)
      rack
    omniauth-shopify (0.1.0)
      omniauth (~> 1.0)
    rack (1.5.2)
    sinatra (1.1.0)
      rack (~> 1.1)
      tilt (~> 1.1)
    tilt (1.3.4)

PLATFORMS
  ruby

DEPENDENCIES
  httparty
  liquid (= 2.5.0)
  omniauth-shopify
  sinatra (= 1.1.0)
