GEM
  remote: http://rubygems.org/
  specs:
    liquid (2.5.0)
    rack (1.5.2)
    sinatra (1.1.0)
      rack (~> 1.1)
      tilt (~> 1.1)
    tilt (1.3.4)

PLATFORMS
  ruby

DEPENDENCIES
  liquid (= 2.5.0)
  sinatra (= 1.1.0)
